GEM
  remote: https://rubygems.org/
  specs:
    POpen4 (0.1.4)
      Platform (>= 0.4.0)
      open4
    Platform (0.4.0)
    activesupport (5.1.3)
      concurrent-ruby (~> 1.0, >= 1.0.2)
      i18n (~> 0.7)
      minitest (~> 5.1)
      tzinfo (~> 1.1)
    colorize (0.8.1)
    concurrent-ruby (1.0.5)
    daemons (1.2.4)
    eventmachine (1.2.5)
    execjs (2.7.0)
    hike (1.2.3)
    http_router (0.11.2)
      rack (>= 1.0.0)
      url_mount (~> 0.2.1)
    i18n (0.8.6)
    lotus-router (0.5.1)
      http_router (~> 0.11)
      lotus-utils (~> 0.6)
    lotus-utils (0.6.1)
    minitest (5.10.3)
    multi_json (1.12.1)
    open4 (1.3.4)
    rack (1.6.8)
    rack-rewrite (1.5.1)
    sass (3.2.15)
    sprockets (2.11.3)
      hike (~> 1.2)
      multi_json (~> 1.0)
      rack (~> 1.0)
      tilt (~> 1.1, != 1.3.0)
    sprockets-helpers (1.2.1)
      sprockets (>= 2.2)
    susanoo (0.14.0)
      activesupport
      colorize
      lotus-router
      rack
      rack-rewrite
      sass (= 3.2.15)
      sprockets (~> 2.11.0)
      sprockets-helpers
      thin
      thor
      tilt
      uglifier
      yui-compressor (~> 0.9.6)
    thin (1.7.2)
      daemons (~> 1.0, >= 1.0.9)
      eventmachine (~> 1.0, >= 1.0.4)
      rack (>= 1, < 3)
    thor (0.20.0)
    thread_safe (0.3.6)
    tilt (1.4.1)
    tzinfo (1.2.3)
      thread_safe (~> 0.1)
    uglifier (3.2.0)
      execjs (>= 0.3.0, < 3)
    url_mount (0.2.1)
      rack
    yui-compressor (0.9.6)
      POpen4 (>= 0.1.4)

PLATFORMS
  ruby

DEPENDENCIES
  susanoo
